GIT
  remote: git://github.com/seyhunak/twitter-bootstrap-rails.git
  revision: c6893c3db02108bcdee7f8f333531b99806779ac
  specs:
    twitter-bootstrap-rails (3.2.2)
      actionpack (>= 3.1)
      execjs (>= 2.2.2, >= 2.2)
      less-rails (>= 2.5.0)
      railties (>= 3.1)

GEM
  remote: https://rubygems.org/
  specs:
    actionmailer (4.2.6)
      actionpack (= 4.2.6)
      actionview (= 4.2.6)
      activejob (= 4.2.6)
      mail (~> 2.5, >= 2.5.4)
      rails-dom-testing (~> 1.0, >= 1.0.5)
    actionpack (4.2.6)
      actionview (= 4.2.6)
      activesupport (= 4.2.6)
      rack (~> 1.6)
      rack-test (~> 0.6.2)
      rails-dom-testing (~> 1.0, >= 1.0.5)
      rails-html-sanitizer (~> 1.0, >= 1.0.2)
    actionview (4.2.6)
      activesupport (= 4.2.6)
      builder (~> 3.1)
      erubis (~> 2.7.0)
      rails-dom-testing (~> 1.0, >= 1.0.5)
      rails-html-sanitizer (~> 1.0, >= 1.0.2)
    activejob (4.2.6)
      activesupport (= 4.2.6)
      globalid (>= 0.3.0)
    activemodel (4.2.6)
      activesupport (= 4.2.6)
      builder (~> 3.1)
    activerecord (4.2.6)
      activemodel (= 4.2.6)
      activesupport (= 4.2.6)
      arel (~> 6.0)
    activesupport (4.2.6)
      i18n (~> 0.7)
      json (~> 1.7, >= 1.7.7)
      minitest (~> 5.1)
      thread_safe (~> 0.3, >= 0.3.4)
      tzinfo (~> 1.1)
    arel (6.0.3)
    autoprefixer-rails (6.3.6.1)
      execjs
    axiom-types (0.1.1)
      descendants_tracker (~> 0.0.4)
      ice_nine (~> 0.11.0)
      thread_safe (~> 0.3, >= 0.3.1)
    binding_of_caller (0.7.2)
      debug_inspector (>= 0.0.1)
    bootstrap-sass (3.3.6)
      autoprefixer-rails (>= 5.2.1)
      sass (>= 3.3.4)
    builder (3.2.2)
    byebug (9.0.4)
    coercible (1.0.0)
      descendants_tracker (~> 0.0.1)
    coffee-rails (4.1.1)
      coffee-script (>= 2.2.0)
      railties (>= 4.0.0, < 5.1.x)
    coffee-script (2.4.1)
      coffee-script-source
      execjs
    coffee-script-source (1.10.0)
    commonjs (0.2.7)
    concurrent-ruby (1.0.2)
    daemons (1.2.3)
    debug_inspector (0.0.2)
    delayed_job (4.1.2)
      activesupport (>= 3.0, < 5.1)
    delayed_job_active_record (4.1.1)
      activerecord (>= 3.0, < 5.1)
      delayed_job (>= 3.0, < 5)
    descendants_tracker (0.0.4)
      thread_safe (~> 0.3, >= 0.3.1)
    enumerable-lazy (0.0.1)
    equalizer (0.0.11)
    erubis (2.7.0)
    eventmachine (1.2.0.1)
    excon (0.49.0)
    execjs (2.7.0)
    globalid (0.3.6)
      activesupport (>= 4.1.0)
    grape (0.16.2)
      activesupport
      builder
      hashie (>= 2.1.0)
      multi_json (>= 1.3.2)
      multi_xml (>= 0.5.2)
      mustermann19 (~> 0.4.3)
      rack (>= 1.3.0)
      rack-accept
      virtus (>= 1.0.0)
    haml (4.0.7)
      tilt
    haml-rails (0.9.0)
      actionpack (>= 4.0.1)
      activesupport (>= 4.0.1)
      haml (>= 4.0.6, < 5.0)
      html2haml (>= 1.0.1)
      railties (>= 4.0.1)
    haml2slim (0.4.7)
      haml (>= 3.0)
      nokogiri
      ruby_parser
    hashie (3.4.4)
    hashie-forbidden_attributes (0.1.1)
      hashie (>= 3.0)
    heroku-api (0.4.2)
      excon (~> 0.45)
      multi_json (~> 1.8)
    html2haml (2.0.0)
      erubis (~> 2.7.0)
      haml (~> 4.0.0)
      nokogiri (~> 1.6.0)
      ruby_parser (~> 3.5)
    httparty (0.13.7)
      json (~> 1.8)
      multi_xml (>= 0.5.2)
    i18n (0.7.0)
    ice_nine (0.11.2)
    jbuilder (2.4.1)
      activesupport (>= 3.0.0, < 5.1)
      multi_json (~> 1.2)
    jquery-rails (4.1.1)
      rails-dom-testing (>= 1, < 3)
      railties (>= 4.2.0)
      thor (>= 0.14, < 2.0)
    json (1.8.3)
    jwt (1.5.4)
    less (2.6.0)
      commonjs (~> 0.2.7)
    less-rails (2.7.1)
      actionpack (>= 4.0)
      less (~> 2.6.0)
      sprockets (> 2, < 4)
      tilt
    loofah (2.0.3)
      nokogiri (>= 1.5.9)
    mail (2.6.4)
      mime-types (>= 1.16, < 4)
    mime-types (3.0)
      mime-types-data (~> 3.2015)
    mime-types-data (3.2016.0221)
    mini_portile2 (2.0.0)
    minitest (5.9.0)
    minitest-autotest (1.0.3)
      minitest-server (~> 1.0)
    minitest-rails (2.2.1)
      minitest (~> 5.7)
      railties (~> 4.1)
    minitest-server (1.0.4)
      minitest (~> 5.0)
    multi_json (1.12.1)
    multi_xml (0.5.5)
    mustermann19 (0.4.3)
      enumerable-lazy
    nokogiri (1.6.7.2)
      mini_portile2 (~> 2.0.0.rc2)
    pg (0.18.4)
    phonelib (0.6.0)
    puma (3.4.0)
    pushmeup (0.3.0)
      httparty
      json
    rack (1.6.4)
    rack-accept (0.4.5)
      rack (>= 0.4)
    rack-test (0.6.3)
      rack (>= 1.0)
    rails (4.2.6)
      actionmailer (= 4.2.6)
      actionpack (= 4.2.6)
      actionview (= 4.2.6)
      activejob (= 4.2.6)
      activemodel (= 4.2.6)
      activerecord (= 4.2.6)
      activesupport (= 4.2.6)
      bundler (>= 1.3.0, < 2.0)
      railties (= 4.2.6)
      sprockets-rails
    rails-deprecated_sanitizer (1.0.3)
      activesupport (>= 4.2.0.alpha)
    rails-dom-testing (1.0.7)
      activesupport (>= 4.2.0.beta, < 5.0)
      nokogiri (~> 1.6.0)
      rails-deprecated_sanitizer (>= 1.0.1)
    rails-html-sanitizer (1.0.3)
      loofah (~> 2.0)
    rails_12factor (0.0.3)
      rails_serve_static_assets
      rails_stdout_logging
    rails_serve_static_assets (0.0.5)
    rails_stdout_logging (0.0.5)
    railties (4.2.6)
      actionpack (= 4.2.6)
      activesupport (= 4.2.6)
      rake (>= 0.8.7)
      thor (>= 0.18.1, < 2.0)
    rake (11.1.2)
    rdoc (4.2.2)
      json (~> 1.4)
    ruby_parser (3.8.2)
      sexp_processor (~> 4.1)
    rush (0.6.8)
      session
    sass (3.4.22)
    sass-rails (5.0.4)
      railties (>= 4.0.0, < 5.0)
      sass (~> 3.1)
      sprockets (>= 2.8, < 4.0)
      sprockets-rails (>= 2.0, < 4.0)
      tilt (>= 1.1, < 3)
    sdoc (0.4.1)
      json (~> 1.7, >= 1.7.7)
      rdoc (~> 4.0)
    session (3.2.0)
    sexp_processor (4.7.0)
    spring (1.7.1)
    sprockets (3.6.0)
      concurrent-ruby (~> 1.0)
      rack (> 1, < 3)
    sprockets-rails (3.0.4)
      actionpack (>= 4.0)
      activesupport (>= 4.0)
      sprockets (>= 3.0.0)
    thin (1.6.4)
      daemons (~> 1.0, >= 1.0.9)
      eventmachine (~> 1.0, >= 1.0.4)
      rack (~> 1.0)
    thor (0.19.1)
    thread_safe (0.3.5)
    tilt (2.0.4)
    turbolinks (2.5.3)
      coffee-rails
    twilio-ruby (4.11.1)
      builder (>= 2.1.2)
      jwt (~> 1.0)
      multi_json (>= 1.3.0)
    tzinfo (1.2.2)
      thread_safe (~> 0.1)
    uglifier (3.0.0)
      execjs (>= 0.3.0, < 3)
    virtus (1.0.5)
      axiom-types (~> 0.1)
      coercible (~> 1.0)
      descendants_tracker (~> 0.0, >= 0.0.3)
      equalizer (~> 0.0, >= 0.0.9)
    web-console (2.3.0)
      activemodel (>= 4.0)
      binding_of_caller (>= 0.7.2)
      railties (>= 4.0)
      sprockets-rails (>= 2.0, < 4.0)
    workless (1.2.3)
      delayed_job (>= 2.0.7)
      heroku-api
      rails
      rush

PLATFORMS
  ruby

DEPENDENCIES
  bootstrap-sass
  byebug
  coffee-rails (~> 4.1.0)
  daemons
  delayed_job_active_record
  grape
  haml-rails
  haml2slim
  hashie-forbidden_attributes
  html2haml
  jbuilder (~> 2.0)
  jquery-rails
  minitest-autotest
  minitest-rails
  pg (~> 0.15)
  phonelib
  puma
  pushmeup
  rails (= 4.2.6)
  rails_12factor
  sass-rails (~> 5.0)
  sdoc (~> 0.4.0)
  spring
  thin
  turbolinks
  twilio-ruby
  twitter-bootstrap-rails!
  uglifier (>= 1.3.0)
  web-console (~> 2.0)
  workless (~> 1.2.2)

BUNDLED WITH
   1.12.4
